GEM
  remote: https://rubygems.org/
  specs:
    aws-eventstream (1.3.0)
    aws-partitions (1.971.0)
    aws-sdk-core (3.203.0)
      aws-eventstream (~> 1, >= 1.3.0)
      aws-partitions (~> 1, >= 1.651.0)
      aws-sigv4 (~> 1.9)
      jmespath (~> 1, >= 1.6.1)
    aws-sdk-kms (1.89.0)
      aws-sdk-core (~> 3, >= 3.203.0)
      aws-sigv4 (~> 1.5)
    aws-sdk-s3 (1.160.0)
      aws-sdk-core (~> 3, >= 3.203.0)
      aws-sdk-kms (~> 1)
      aws-sigv4 (~> 1.5)
    aws-sigv4 (1.9.1)
      aws-eventstream (~> 1, >= 1.0.2)
    base64 (0.2.0)
    bigdecimal (3.1.5)
    jmespath (1.6.2)
    ox (2.14.18)

PLATFORMS
  ruby
  x86_64-linux

DEPENDENCIES
  aws-sdk-s3
  base64
  bigdecimal
  ox

BUNDLED WITH
   2.5.11
